GEM
  remote: https://rubygems.org/
  specs:
    chunky_png (1.3.5)
    daemons (1.2.3)
    eventmachine (1.0.8)
    mojo_magick (0.5.6)
    qr4r (0.4.0)
      mojo_magick
      rqrcode
    rack (1.6.4)
    rqrcode (0.9.0)
      chunky_png (~> 1.0)
    thin (1.6.4)
      daemons (~> 1.0, >= 1.0.9)
      eventmachine (~> 1.0, >= 1.0.4)
      rack (~> 1.0)

PLATFORMS
  ruby

DEPENDENCIES
  qr4r
  rack
  thin

BUNDLED WITH
   1.11.2
